PATH
  remote: ..
  specs:
    triglav_client (0.1.0)
      json (~> 1.8, >= 1.8.3)
      typhoeus (~> 1.0, >= 1.0.1)

GEM
  remote: http://rubygems.org/
  specs:
    coderay (1.1.1)
    ethon (0.9.1)
      ffi (>= 1.3.0)
    ffi (1.9.14)
    json (1.8.3)
    method_source (0.8.2)
    pry (0.10.4)
      coderay (~> 1.1.0)
      method_source (~> 0.8.1)
      slop (~> 3.4)
    pry-nav (0.2.4)
      pry (>= 0.9.10, < 0.11.0)
    slop (3.6.0)
    typhoeus (1.1.0)
      ethon (>= 0.9.0)

PLATFORMS
  ruby

DEPENDENCIES
  pry-nav
  triglav_client!

BUNDLED WITH
   1.11.2
